GIT
  remote: https://github.com/Spooner/releasy.git
  revision: 794dbbf920758f1e11c7fe35d04b4d676051c7e4
  branch: master
  specs:
    releasy (0.2.3)
      bundler (>= 1.2.1)
      cri (~> 2.1.0)
      ocra (~> 1.3.0)
      rake (>= 0.9.2.2)
      thor (~> 0.14.6)

GEM
  remote: https://rubygems.org/
  specs:
    ashton (0.1.6)
      gosu (~> 0.7)
      opengl (~> 0.9.0)
    celluloid (0.17.3)
      celluloid-essentials
      celluloid-extras
      celluloid-fsm
      celluloid-pool
      celluloid-supervision
      timers (>= 4.1.1)
    celluloid-essentials (0.20.5)
      timers (>= 4.1.1)
    celluloid-extras (0.20.5)
      timers (>= 4.1.1)
    celluloid-fsm (0.20.5)
      timers (>= 4.1.1)
    celluloid-io (0.17.3)
      celluloid (>= 0.17.2)
      nio4r (>= 1.1)
      timers (>= 4.1.1)
    celluloid-pool (0.20.5)
      timers (>= 4.1.1)
    celluloid-supervision (0.20.6)
      timers (>= 4.1.1)
    chingu (0.8.1)
      crack
      gosu (>= 0.7.25)
      rest-client
    chipmunk (5.3.4.5)
    conject (0.1.8)
    crack (0.4.3)
      safe_yaml (~> 1.0.0)
    cri (2.1.0)
    domain_name (0.5.20160826)
      unf (>= 0.0.5, < 1.0.0)
    execjs (2.7.0)
    ffi (1.9.14)
    gamebox (0.5.5)
      conject (>= 0.0.8)
      gosu
      i18n
      kvo (>= 0.1.0)
      listen (>= 2.4.0)
      publisher
      require_all
      thor
      tween
    gosu (0.10.8)
    gosu-examples (1.0.3)
      gosu (>= 0.9.0)
    hitimes (1.2.4)
    http-cookie (1.0.2)
      domain_name (~> 0.5)
    i18n (0.7.0)
    kvo (0.1.0)
      publisher
    listen (3.1.5)
      rb-fsevent (~> 0.9, >= 0.9.4)
      rb-inotify (~> 0.9, >= 0.9.7)
      ruby_dep (~> 1.2)
    mime-types (3.1)
      mime-types-data (~> 3.2015)
    mime-types-data (3.2016.0521)
    netrc (0.11.0)
    nio4r (1.2.1)
    ocra (1.3.4)
    opengl (0.9.2)
    publisher (1.1.2)
    rake (11.2.2)
    rb-fsevent (0.9.7)
    rb-inotify (0.9.7)
      ffi (>= 0.5.0)
    require_all (1.3.3)
    rest-client (2.0.0)
      http-cookie (>= 1.0.2, < 2.0)
      mime-types (>= 1.16, < 4.0)
      netrc (~> 0.8)
    rmagick (2.16.0)
    ruby_dep (1.4.0)
    safe_yaml (1.0.4)
    thor (0.14.6)
    timers (4.1.1)
      hitimes
    tween (0.1.2)
    unf (0.1.4)
      unf_ext
    unf_ext (0.0.7.2)

PLATFORMS
  ruby

DEPENDENCIES
  ashton (~> 0.1.6)
  celluloid-io (~> 0.17.3)
  chingu (~> 0.8.1)
  chipmunk (~> 5.3, >= 5.3.4.5)
  execjs (~> 2.7)
  gamebox (~> 0.5.5)
  gosu (~> 0.10.7)
  gosu-examples (~> 1.0, >= 1.0.3)
  ocra (~> 1.3, = 1.3.4)
  opengl (~> 0.9.2)
  releasy!
  rmagick (~> 2.15, >= 2.15.4)

RUBY VERSION
   ruby 2.3.1p112

BUNDLED WITH
   1.13.1
